GEM
  remote: http://rubygems.org/
  specs:
    builder (3.2.2)
    daemons (1.1.9)
    diff-lcs (1.1.3)
    eventmachine (1.0.3)
    rack (1.4.3)
    rack-protection (1.5.0)
      rack
    rack-test (0.6.2)
      rack (>= 1.0)
    rake (10.1.0)
    rspec (2.12.0)
      rspec-core (~> 2.12.0)
      rspec-expectations (~> 2.12.0)
      rspec-mocks (~> 2.12.0)
    rspec-core (2.12.2)
    rspec-expectations (2.12.1)
      diff-lcs (~> 1.1.3)
    rspec-mocks (2.12.1)
    sinatra (1.4.3)
      rack (~> 1.4)
      rack-protection (~> 1.4)
      tilt (~> 1.3, >= 1.3.4)
    thin (1.5.1)
      daemons (>= 1.0.9)
      eventmachine (>= 0.12.6)
      rack (>= 1.0.0)
    tilt (1.4.1)

PLATFORMS
  ruby

DEPENDENCIES
  builder (= 3.2.2)
  rack-test (= 0.6.2)
  rake (~> 10.1.0)
  rspec (= 2.12.0)
  sinatra (= 1.4.3)
  thin (= 1.5.1)
